GEM
  remote: https://rubygems.org/
  specs:
    activesupport (4.2.7.1)
      i18n (~> 0.7)
      json (~> 1.7, >= 1.7.7)
      minitest (~> 5.1)
      thread_safe (~> 0.3, >= 0.3.4)
      tzinfo (~> 1.1)
    addressable (2.4.0)
    backports (3.6.8)
    haml (4.0.7)
      tilt
    http_server_manager (0.5.0)
      rake (>= 10.4)
      sys-proctree (~> 0.0)
      wait_until (~> 0.3)
    http_stub (0.26.1)
      activesupport (~> 4.2)
      haml (~> 4.0)
      http_server_manager (~> 0.5)
      json-schema (~> 2.7)
      multipart-post (~> 2.0)
      rake (>= 10.4)
      sass (~> 3.4)
      sinatra (~> 1.4)
      sinatra-contrib (~> 1.4)
      sinatra-partial (~> 1.0)
    http_stub_docker (0.0.12)
      http_stub (~> 0.26)
      rake (>= 10.4)
    i18n (0.7.0)
    json (1.8.3)
    json-schema (2.7.0)
      addressable (>= 2.4)
    minitest (5.9.1)
    multi_json (1.12.1)
    multipart-post (2.0.0)
    rack (1.6.4)
    rack-protection (1.5.3)
      rack
    rack-test (0.6.3)
      rack (>= 1.0)
    rake (11.3.0)
    sass (3.4.22)
    sinatra (1.4.7)
      rack (~> 1.5)
      rack-protection (~> 1.4)
      tilt (>= 1.3, < 3)
    sinatra-contrib (1.4.7)
      backports (>= 2.0)
      multi_json
      rack-protection
      rack-test
      sinatra (~> 1.4.0)
      tilt (>= 1.3, < 3)
    sinatra-partial (1.0.0)
      sinatra (~> 1.4)
    sys-proctable (1.0.0)
    sys-proctree (0.0.10)
      sys-proctable (= 1.0.0)
    thread_safe (0.3.5)
    tilt (2.0.5)
    tzinfo (1.2.2)
      thread_safe (~> 0.1)
    wait_until (0.3.0)

PLATFORMS
  ruby

DEPENDENCIES
  http_stub (~> 0.26)
  http_stub_docker (~> 0.0)

BUNDLED WITH
   1.13.6
